PATH
  remote: .
  specs:
    collectd (0.0.15)
      rake (~> 10.0)
      rake-rspec
      rspec (~> 3.1)

GEM
  remote: https://rubygems.org/
  specs:
    diff-lcs (1.2.5)
    rake (10.4.2)
    rake-rspec (0.0.2)
      rake (~> 10.0)
      rspec (~> 3.1)
    rspec (3.1.0)
      rspec-core (~> 3.1.0)
      rspec-expectations (~> 3.1.0)
      rspec-mocks (~> 3.1.0)
    rspec-core (3.1.7)
      rspec-support (~> 3.1.0)
    rspec-expectations (3.1.2)
      diff-lcs (>= 1.2.0, < 2.0)
      rspec-support (~> 3.1.0)
    rspec-mocks (3.1.3)
      rspec-support (~> 3.1.0)
    rspec-nc (0.2.0)
      rspec (>= 2.9)
      terminal-notifier (>= 1.4)
    rspec-support (3.1.2)
    terminal-notifier (1.6.2)

PLATFORMS
  ruby

DEPENDENCIES
  bundler (~> 1.7)
  collectd!
  rspec-nc
